GEM
  remote: https://rubygems.org/
  specs:
    dotenv (2.5.0)
    mina (1.2.3)
      open4 (~> 1.3.4)
      rake
    mustermann (1.0.2)
    open4 (1.3.4)
    rack (2.0.5)
    rack-protection (2.0.3)
      rack
    rake (12.3.1)
    sinatra (2.0.3)
      mustermann (~> 1.0)
      rack (~> 2.0)
      rack-protection (= 2.0.3)
      tilt (~> 2.0)
    tilt (2.0.8)

PLATFORMS
  ruby

DEPENDENCIES
  dotenv
  mina (= 1.2.3)
  sinatra (= 2.0.3)

RUBY VERSION
   ruby 2.5.1p57

BUNDLED WITH
   1.16.1
